GEM
  remote: https://rubygems.org/
  specs:
    power_assert (0.3.0)
    rake (11.2.2)
    shoulda-context (1.2.1)
    test-unit (3.2.1)
      power_assert

PLATFORMS
  ruby

DEPENDENCIES
  rake
  shoulda-context
  test-unit

BUNDLED WITH
   1.12.5
